PATH
  remote: .
  specs:
    collect-data (0.1.0)

GEM
  remote: https://rubygems.org/
  specs:
    byebug (10.0.0)
    rake (10.5.0)

PLATFORMS
  ruby

DEPENDENCIES
  bundler (~> 1.16)
  byebug
  collect-data!
  rake (~> 10.0)

BUNDLED WITH
   1.16.1
